GEM
  remote: https://rubygems.org/
  specs:
    colorize (0.8.1)
    concurrent-ruby (1.3.5)
    et-orbi (1.2.11)
      tzinfo
    fugit (1.11.1)
      et-orbi (~> 1, >= 1.2.11)
      raabro (~> 1.4)
    raabro (1.4.0)
    rufus-scheduler (3.9.2)
      fugit (~> 1.1, >= 1.11.1)
    thor (1.3.2)
    tzinfo (2.0.6)
      concurrent-ruby (~> 1.0)

PLATFORMS
  ruby
  x86_64-linux

DEPENDENCIES
  colorize (~> 0.8.1)
  rufus-scheduler (~> 3.8)
  thor (~> 1.2)

BUNDLED WITH
   2.5.11
